GEM
  remote: https://rubygems.org/
  specs:
    bgg-api (0.0.2)
      httparty
      xml-simple
    httparty (0.13.3)
      json (~> 1.8)
      multi_xml (>= 0.5.2)
    json (1.8.2)
    multi_xml (0.5.5)
    puma (2.11.1)
      rack (>= 1.1, < 2.0)
    rack (1.6.0)
    rack-protection (1.5.3)
      rack
    sinatra (1.4.5)
      rack (~> 1.4)
      rack-protection (~> 1.4)
      tilt (~> 1.3, >= 1.3.4)
    sinatra-cross_origin (0.3.2)
    tilt (1.4.1)
    xml-simple (1.1.5)

PLATFORMS
  ruby

DEPENDENCIES
  bgg-api
  json
  puma
  sinatra
  sinatra-cross_origin
